GIT
  remote: https://github.com/intridea/hashie.git
  revision: 3321005d0bd77e0811a2cea6dbbd302d8e86851f
  specs:
    hashie (2.0.5)

PATH
  remote: .
  specs:
    avalara (0.0.3)
      hashie
      httparty
      json (~> 1.7.7)
      multi_json (~> 1.7.0)

GEM
  remote: http://rubygems.org/
  specs:
    activesupport (3.2.13)
      i18n (= 0.6.1)
      multi_json (~> 1.0)
    addressable (2.3.4)
    coderay (1.0.9)
    columnize (0.3.6)
    crack (0.3.2)
    debugger (1.5.0)
      columnize (>= 0.3.1)
      debugger-linecache (~> 1.2.0)
      debugger-ruby_core_source (~> 1.2.0)
    debugger-linecache (1.2.0)
    debugger-pry (0.1.1)
      debugger (~> 1)
      pry (>= 0.9.9)
    debugger-ruby_core_source (1.2.0)
    diff-lcs (1.2.4)
    factory_girl (2.5.2)
      activesupport (>= 2.3.9)
    httparty (0.11.0)
      multi_json (~> 1.0)
      multi_xml (>= 0.5.2)
    i18n (0.6.1)
    json (1.7.7)
    method_source (0.8.1)
    multi_json (1.7.3)
    multi_xml (0.5.3)
    pry (0.9.12.2)
      coderay (~> 1.0.5)
      method_source (~> 0.8)
      slop (~> 3.4)
    rake (10.0.4)
    rspec (2.13.0)
      rspec-core (~> 2.13.0)
      rspec-expectations (~> 2.13.0)
      rspec-mocks (~> 2.13.0)
    rspec-core (2.13.1)
    rspec-expectations (2.13.0)
      diff-lcs (>= 1.1.3, < 2.0)
    rspec-mocks (2.13.1)
    slop (3.4.4)
    vcr (1.11.3)
    webmock (1.7.10)
      addressable (~> 2.2, > 2.2.5)
      crack (>= 0.1.7)

PLATFORMS
  ruby

DEPENDENCIES
  avalara!
  debugger-pry
  factory_girl (~> 2.5.0)
  hashie!
  rake
  rspec
  vcr (~> 1.11.0)
  webmock (~> 1.7.0)
